GEM
  remote: http://rubygems.org/
  specs:
    albacore (2.6.3)
      map (~> 6.5)
      nokogiri (~> 1.5)
      rake (~> 10)
      semver2 (~> 3.4)
    map (6.6.0)
    mini_portile2 (2.1.0)
    nokogiri (1.7.0.1-x86-mingw32)
      mini_portile2 (~> 2.1.0)
    rack (1.6.5)
    rack-protection (1.5.3)
      rack
    rake (10.5.0)
    semver2 (3.4.2)
    sinatra (1.4.8)
      rack (~> 1.5)
      rack-protection (~> 1.4)
      tilt (>= 1.3, < 3)
    tilt (2.0.6)

PLATFORMS
  x86-mingw32

DEPENDENCIES
  albacore
  rake
  sinatra

BUNDLED WITH
   1.14.3
